GEM
  remote: https://rubygems.org/
  specs:
    actionview (7.0.2.4)
      activesupport (= 7.0.2.4)
      builder (~> 3.1)
      erubi (~> 1.4)
      rails-dom-testing (~> 2.0)
      rails-html-sanitizer (~> 1.1, >= 1.2.0)
    activemodel (7.0.2.4)
      activesupport (= 7.0.2.4)
    activerecord (7.0.2.4)
      activemodel (= 7.0.2.4)
      activesupport (= 7.0.2.4)
    activesupport (7.0.2.4)
      concurrent-ruby (~> 1.0, >= 1.0.2)
      i18n (>= 1.6, < 2)
      minitest (>= 5.1)
      tzinfo (~> 2.0)
    builder (3.2.4)
    concurrent-ruby (1.1.10)
    crass (1.0.6)
    erubi (1.10.0)
    hash-deep-merge (0.1.1)
    i18n (1.10.0)
      concurrent-ruby (~> 1.0)
    json (1.8.1)
    lazy_high_charts (1.5.8)
      hash-deep-merge
    loofah (2.16.0)
      crass (~> 1.0.2)
      nokogiri (>= 1.5.9)
    mini_portile2 (2.8.0)
    minitest (5.15.0)
    mustermann (1.0.0)
    nokogiri (1.13.4)
      mini_portile2 (~> 2.8.0)
      racc (~> 1.4)
    nokogiri (1.13.4-x86-mingw32)
      racc (~> 1.4)
    pg (0.21.0)
    pg (0.21.0-x86-mingw32)
    racc (1.6.0)
    rack (2.0.3)
    rack-protection (2.0.0)
      rack
    rails-dom-testing (2.0.3)
      activesupport (>= 4.2.0)
      nokogiri (>= 1.6)
    rails-html-sanitizer (1.4.2)
      loofah (~> 2.3)
    sinatra (2.0.0)
      mustermann (~> 1.0)
      rack (~> 2.0)
      rack-protection (= 2.0.0)
      tilt (~> 2.0)
    sinatra-activerecord (2.0.13)
      activerecord (>= 3.2)
      sinatra (>= 1.0)
    tilt (2.0.8)
    tzinfo (2.0.4)
      concurrent-ruby (~> 1.0)

PLATFORMS
  ruby
  x86-mingw32

DEPENDENCIES
  actionview
  activerecord
  json
  lazy_high_charts
  pg
  sinatra
  sinatra-activerecord

BUNDLED WITH
   1.13.6
